PATH
  remote: .
  specs:
    csv_line_parser (0.0.1)

GEM
  remote: https://rubygems.org/
  specs:

PLATFORMS
  ruby

DEPENDENCIES
  csv_line_parser!
